GEM
  remote: https://rubygems.org/
  specs:
    aws-eventstream (1.1.1)
    aws-partitions (1.446.0)
    aws-sdk-configservice (1.61.0)
      aws-sdk-core (~> 3, >= 3.112.0)
      aws-sigv4 (~> 1.1)
    aws-sdk-core (3.114.0)
      aws-eventstream (~> 1, >= 1.0.2)
      aws-partitions (~> 1, >= 1.239.0)
      aws-sigv4 (~> 1.1)
      jmespath (~> 1.0)
    aws-sdk-kms (1.43.0)
      aws-sdk-core (~> 3, >= 3.112.0)
      aws-sigv4 (~> 1.1)
    aws-sdk-lambda (1.39.0)
      aws-sdk-core (~> 3, >= 3.71.0)
      aws-sigv4 (~> 1.1)
    aws-sdk-s3 (1.95.1)
      aws-sdk-core (~> 3, >= 3.112.0)
      aws-sdk-kms (~> 1)
      aws-sigv4 (~> 1.1)
    aws-sigv4 (1.2.3)
      aws-eventstream (~> 1, >= 1.0.2)
    byebug (11.1.3)
    csv (3.1.9)
    git-lite-version-bump (0.17.3)
    heimdall_tools (1.3.43)
      aws-sdk-configservice (~> 1)
      csv (~> 3.1)
      git-lite-version-bump (>= 0.17.2)
      httparty (~> 0.18.0)
      json (~> 2.3)
      nokogiri (~> 1.10.9)
      openssl (~> 2.1)
      thor (~> 0.19)
    httparty (0.18.1)
      mime-types (~> 3.0)
      multi_xml (>= 0.5.2)
    jmespath (1.4.0)
    json (2.5.1)
    mime-types (3.3.1)
      mime-types-data (~> 3.2015)
    mime-types-data (3.2021.0225)
    mini_portile2 (2.4.0)
    multi_xml (0.6.0)
    nokogiri (1.10.10)
      mini_portile2 (~> 2.4.0)
    openssl (2.2.0)
    thor (0.20.3)

PLATFORMS
  ruby

DEPENDENCIES
  aws-sdk-lambda (~> 1)
  aws-sdk-s3 (~> 1)
  byebug
  heimdall_tools

BUNDLED WITH
   2.2.11
